GEM
  remote: https://rubygems.org/
  specs:
    hashie (5.0.0)
    mini_portile2 (2.8.7)
    nokogiri (1.16.7)
      mini_portile2 (~> 2.8.2)
      racc (~> 1.4)
    omniauth (1.9.2)
      hashie (>= 3.4.6)
      rack (>= 1.6.2, < 3)
    omniauth-saml (1.10.5)
      omniauth (~> 1.3, >= 1.3.2)
      ruby-saml (~> 1.17)
    racc (1.8.1)
    rack (2.2.9)
    rexml (3.3.7)
    ruby-saml (1.17.0)
      nokogiri (>= 1.13.10)
      rexml

PLATFORMS
  ruby

DEPENDENCIES
  omniauth (>= 1.2.2)
  omniauth-saml (~> 1.10.3)
  ruby-saml (~> 1.17.0)

BUNDLED WITH
   2.4.19
